GEM
  remote: https://rubygems.org/
  specs:
<<<<<<< HEAD
    CFPropertyList (2.2.8)
=======
>>>>>>> upstream/feature/update-aws-cli
    activemodel (4.1.4)
      activesupport (= 4.1.4)
      builder (~> 3.1)
    activesupport (4.1.4)
      i18n (~> 0.6, >= 0.6.9)
      json (~> 1.7, >= 1.7.7)
      minitest (~> 5.1)
      thread_safe (~> 0.1)
      tzinfo (~> 1.1)
    builder (3.2.2)
<<<<<<< HEAD
    facter (2.3.0)
      CFPropertyList (~> 2.2.6)
=======
    facter (1.6.18)
>>>>>>> upstream/feature/update-aws-cli
    faraday (0.9.0)
      multipart-post (>= 1.2, < 3)
    her (0.7.2)
      activemodel (>= 3.0.0, < 4.2)
      activesupport (>= 3.0.0, < 4.2)
      faraday (>= 0.8, < 1.0)
      multi_json (~> 1.7)
<<<<<<< HEAD
    hiera (1.3.4)
      json_pure
=======
    hiera (1.0.0)
>>>>>>> upstream/feature/update-aws-cli
    highline (1.6.21)
    i18n (0.6.11)
    json (1.8.1)
    json_pure (1.8.1)
    librarian (0.1.2)
      highline
      thor (~> 0.15)
    librarian-puppet (1.3.1)
      librarian (>= 0.1.2)
      puppet_forge
    minitest (5.4.0)
    multi_json (1.10.1)
    multipart-post (2.0.0)
<<<<<<< HEAD
    puppet (3.7.3)
      facter (> 1.6, < 3)
      hiera (~> 1.0)
      json_pure
=======
    puppet (3.0.1)
      facter (~> 1.6.11)
      hiera (~> 1.0.0)
>>>>>>> upstream/feature/update-aws-cli
    puppet_forge (1.0.3)
      her (~> 0.6)
    thor (0.19.1)
    thread_safe (0.3.4)
    tzinfo (1.2.1)
      thread_safe (~> 0.1)

PLATFORMS
  ruby

DEPENDENCIES
  librarian-puppet
  puppet (~> 3.7.3)
